GEM
  remote: http://rubygems.org/
  specs:
    adsf (1.0.1)
      rack (>= 1.0.0)
    coffee-script (2.2.0)
      coffee-script-source
      execjs
    coffee-script-source (1.1.2)
    cri (2.0.2)
    execjs (1.2.9)
      multi_json (~> 1.0)
    haml (3.1.3)
    maruku (0.6.0)
      syntax (>= 1.0.0)
    mime-types (1.16)
    multi_json (1.0.3)
    nanoc (3.2.2)
      nanoc3 (>= 3.2.2)
    nanoc3 (3.2.2)
      cri (~> 2.0)
    rack (1.3.0)
    redcarpet (1.17.2)
    sass (3.1.10)
    syntax (1.0.0)

PLATFORMS
  ruby

DEPENDENCIES
  adsf
  coffee-script
  haml
  maruku
  mime-types
  nanoc (~> 3.2.2)
  rack
  redcarpet
  sass
